PATH
  remote: .
  specs:
    itamae-plugin-tor (0.1.0)

GEM
  remote: https://rubygems.org/
  specs:
    ansi (1.5.0)
    ast (2.4.2)
    diff-lcs (1.5.0)
    hashie (5.0.0)
    itamae (1.14.1)
      ansi
      hashie
      schash (~> 0.1.0)
      specinfra (>= 2.64.0, < 3.0.0)
      thor (>= 1.0.0)
    json (2.6.3)
    language_server-protocol (3.17.0.3)
    net-scp (4.0.0)
      net-ssh (>= 2.6.5, < 8.0.0)
    net-ssh (7.2.0)
    net-telnet (0.1.1)
    parallel (1.23.0)
    parser (3.2.2.4)
      ast (~> 2.4.1)
      racc
    racc (1.7.1)
    rainbow (3.1.1)
    rake (13.1.0)
    regexp_parser (2.8.2)
    rexml (3.2.6)
    rspec (3.12.0)
      rspec-core (~> 3.12.0)
      rspec-expectations (~> 3.12.0)
      rspec-mocks (~> 3.12.0)
    rspec-core (3.12.2)
      rspec-support (~> 3.12.0)
    rspec-expectations (3.12.3)
      diff-lcs (>= 1.2.0, < 2.0)
      rspec-support (~> 3.12.0)
    rspec-mocks (3.12.6)
      diff-lcs (>= 1.2.0, < 2.0)
      rspec-support (~> 3.12.0)
    rspec-support (3.12.1)
    rubocop (1.57.2)
      json (~> 2.3)
      language_server-protocol (>= 3.17.0)
      parallel (~> 1.10)
      parser (>= 3.2.2.4)
      rainbow (>= 2.2.2, < 4.0)
      regexp_parser (>= 1.8, < 3.0)
      rexml (>= 3.2.5, < 4.0)
      rubocop-ast (>= 1.28.1, < 2.0)
      ruby-progressbar (~> 1.7)
      unicode-display_width (>= 2.4.0, < 3.0)
    rubocop-ast (1.30.0)
      parser (>= 3.2.1.0)
    ruby-progressbar (1.13.0)
    schash (0.1.2)
    sfl (2.3)
    specinfra (2.87.0)
      net-scp
      net-ssh (>= 2.7)
      net-telnet (= 0.1.1)
      sfl
    thor (1.3.0)
    unicode-display_width (2.5.0)

PLATFORMS
  ruby

DEPENDENCIES
  itamae (~> 1.14)
  itamae-plugin-tor!
  rake (~> 13.0)
  rspec (~> 3.0)
  rubocop (~> 1.21)

BUNDLED WITH
   2.4.19
